PATH
  remote: .
  specs:
    insights_export (0.1.0)

GEM
  remote: https://rubygems.org/
  specs:
    rake (12.0.0)

PLATFORMS
  ruby

DEPENDENCIES
  insights_export!
  rake

BUNDLED WITH
   1.14.6
